GEM
  remote: https://rubygems.org/
  specs:
    coderay (1.1.2)
    faraday (0.15.4)
      multipart-post (>= 1.2, < 3)
    faraday_middleware (0.13.1)
      faraday (>= 0.7.4, < 1.0)
    hashie (3.6.0)
    method_source (0.9.2)
    multipart-post (2.0.0)
    pry (0.12.2)
      coderay (~> 1.1.0)
      method_source (~> 0.9.0)

PLATFORMS
  ruby

DEPENDENCIES
  faraday (~> 0.15.0)
  faraday_middleware
  hashie (~> 3.6.0)
  pry

BUNDLED WITH
   2.0.1
